PATH
  remote: .
  specs:
    cloudkit (0.12.0.pre8)
      bson (~> 1.1.2)
      bson_ext (~> 1.1.2)
      formatador (~> 0.0.10)
      json (~> 1.4.6)
      mongo (~> 1.1.2)
      oauth (~> 0.3)
      rack (>= 1.1, < 1.4)
      ruby-openid (~> 2.1)
      uuid (= 2.0.1)

GEM
  remote: http://rubygems.org/
  specs:
    archive-tar-minitar (0.5.2)
    bson (1.1.5)
    bson_ext (1.1.5)
    columnize (0.3.6)
    diff-lcs (1.1.2)
    formatador (0.0.16)
    json (1.4.6)
    linecache19 (0.5.12)
      ruby_core_source (>= 0.1.4)
    macaddr (1.5.0)
      systemu (>= 2.4.0)
    mongo (1.1.5)
      bson (>= 1.1.5)
    oauth (0.4.5)
    rack (1.3.6)
    rack-test (0.5.6)
      rack (>= 1.0)
    rake (0.8.7)
    rspec (2.2.0)
      rspec-core (~> 2.2)
      rspec-expectations (~> 2.2)
      rspec-mocks (~> 2.2)
    rspec-core (2.2.1)
    rspec-expectations (2.2.0)
      diff-lcs (~> 1.1.2)
    rspec-mocks (2.2.0)
    ruby-debug-base19 (0.11.25)
      columnize (>= 0.3.1)
      linecache19 (>= 0.5.11)
      ruby_core_source (>= 0.1.4)
    ruby-debug19 (0.11.6)
      columnize (>= 0.3.1)
      linecache19 (>= 0.5.11)
      ruby-debug-base19 (>= 0.11.19)
    ruby-openid (2.1.8)
    ruby_core_source (0.1.5)
      archive-tar-minitar (>= 0.5.2)
    systemu (2.4.2)
    uuid (2.0.1)
      macaddr (~> 1.0)

PLATFORMS
  ruby

DEPENDENCIES
  cloudkit!
  rack-test
  rake (~> 0.8.7)
  rspec (~> 2.2.0)
  ruby-debug19
  ruby-openid (~> 2.1)
